GEM
  remote: http://rubygems.org/
  specs:
    activemodel (3.2.3)
      activesupport (= 3.2.3)
      builder (~> 3.0.0)
    activesupport (3.2.3)
      i18n (~> 0.6)
      multi_json (~> 1.0)
    backports (2.5.3)
    bcrypt-ruby (3.0.1)
    brice (0.2.4)
      ruby-nuggets (>= 0.5.2)
    bson (1.6.2)
    bson_ext (1.6.2)
      bson (~> 1.6.2)
    builder (3.0.0)
    eventmachine (0.12.10)
    factory_girl (3.3.0)
      activesupport (>= 3.0.0)
    http_router (0.10.2)
      rack (>= 1.0.0)
      url_mount (~> 0.2.1)
    httparty (0.8.3)
      multi_json (~> 1.0)
      multi_xml
    i18n (0.6.0)
    json (1.6.6)
    jwt (0.1.4)
      json (>= 1.2.4)
    kgio (2.7.4)
    loofah (1.2.1)
      nokogiri (>= 1.4.4)
    mail (2.4.4)
      i18n (>= 0.4.0)
      mime-types (~> 1.16)
      treetop (~> 1.4.8)
    mime-types (1.18)
    mongo (1.6.2)
      bson (~> 1.6.2)
    mongoid (2.4.8)
      activemodel (~> 3.1)
      mongo (~> 1.3)
      tzinfo (~> 0.3.22)
    mongoid_slug (0.10.0)
      mongoid (~> 2.0)
      stringex (~> 1.3)
    multi_json (1.3.4)
    multi_xml (0.5.1)
    nokogiri (1.5.2)
    padrino-core (0.10.6)
      activesupport (~> 3.2.0)
      http_router (~> 0.10.2)
      sinatra (~> 1.3.1)
      thor (~> 0.14.3)
      tilt (~> 1.3.0)
    padrino-helpers (0.10.6)
      i18n (~> 0.6)
      padrino-core (= 0.10.6)
    polyglot (0.3.3)
    pony (1.4)
      mail (> 2.0)
    postmark (0.9.10)
    rack (1.4.1)
    rack-protection (1.2.0)
      rack
    rack-test (0.6.1)
      rack (>= 1.0)
    raindrops (0.8.1)
    rake (0.9.2.2)
    rspec-mocks (2.9.0)
    ruby-hmac (0.4.0)
    ruby-nuggets (0.8.7)
    sinatra (1.3.2)
      rack (~> 1.3, >= 1.3.6)
      rack-protection (~> 1.2)
      tilt (~> 1.3, >= 1.3.3)
    sinatra-contrib (1.3.1)
      backports (>= 2.0)
      eventmachine
      rack-protection
      rack-test
      sinatra (~> 1.3.0)
      tilt (~> 1.3)
    sinatra-flash (0.3.0)
      sinatra (>= 1.0.0)
    stringex (1.4.0)
    thor (0.14.6)
    tilt (1.3.3)
    treetop (1.4.10)
      polyglot
      polyglot (>= 0.3.1)
    twilio-rb (2.1.3)
      activesupport (>= 3.0.0)
      builder (>= 2.1.2)
      httparty (>= 0.6.1)
      i18n (~> 0.5)
      jwt (>= 0.1.3)
      yajl-ruby (~> 1.0.0)
    tzinfo (0.3.33)
    unicorn (4.3.1)
      kgio (~> 2.6)
      rack
      raindrops (~> 0.7)
    url_mount (0.2.1)
      rack
    wirble (0.1.3)
    yajl-ruby (1.0.0)

PLATFORMS
  ruby

DEPENDENCIES
  bcrypt-ruby (= 3.0.1)
  brice
  bson_ext (= 1.6.2)
  factory_girl
  httparty (= 0.8.3)
  json (= 1.6.6)
  loofah (= 1.2.1)
  mail (= 2.4.4)
  mongo (= 1.6.2)
  mongoid (= 2.4.8)
  mongoid_slug (= 0.10.0)
  nokogiri (= 1.5.2)
  padrino-helpers (= 0.10.6)
  pony (= 1.4)
  postmark (= 0.9.10)
  rack (= 1.4.1)
  rack-test (= 0.6.1)
  rake (= 0.9.2.2)
  rspec-mocks (= 2.9.0)
  ruby-hmac (= 0.4.0)
  sinatra (= 1.3.2)
  sinatra-contrib (= 1.3.1)
  sinatra-flash (= 0.3.0)
  twilio-rb (= 2.1.3)
  unicorn
  wirble
